PATH
  remote: .
  specs:
    dnsruby (1.55)

GEM
  remote: https://rubygems.org/
  specs:
    minitest (5.4.2)

PLATFORMS
  ruby

DEPENDENCIES
  dnsruby!
  minitest (~> 5.4)
